GEM
  remote: http://rubygems.org/
  specs:
    coderay (1.1.0)
    json (1.8.3)
    method_source (0.8.2)
    mini_portile (0.6.2)
    nokogiri (1.6.6.2)
      mini_portile (~> 0.6.0)
    pry (0.10.1)
      coderay (~> 1.1.0)
      method_source (~> 0.8.1)
      slop (~> 3.4)
    rubyzip (1.1.7)
    simple_xlsx_reader (1.0.2)
      nokogiri
      rubyzip
    slop (3.6.0)

PLATFORMS
  ruby

DEPENDENCIES
  json (~> 1.8.3)
  pry
  simple_xlsx_reader (~> 1.0.2)
